GEM
  remote: https://rubygems.org/
  specs:
    nio4r (2.5.4)
    puma (5.0.4)
      nio4r (~> 2.0)
    rack (2.2.3.1)
    rmagick (4.1.2)

PLATFORMS
  ruby

DEPENDENCIES
  puma
  rack
  rmagick

RUBY VERSION
   ruby 2.6.6p146

BUNDLED WITH
   2.1.4
